GEM
  remote: http://rubygems.org/
  specs:
    cf-message-bus (0.3.4)
      eventmachine (~> 1.0.0)
      nats (>= 0.5.0, < 0.6)
      vcap-concurrency
      yajl-ruby
    cf-registrar (1.0.3)
      cf-message-bus (~> 0.3.0)
      eventmachine (~> 1.0.0)
      steno
      vcap-concurrency
    daemons (1.3.1)
    eventmachine (1.0.7)
    fluent-logger (0.4.9)
      msgpack (>= 0.4.4, < 0.6.0, != 0.5.3, != 0.5.2, != 0.5.1, != 0.5.0)
      yajl-ruby (~> 1.0)
    json_pure (1.8.6)
    msgpack (0.5.9)
    nats (0.5.1)
      daemons (~> 1.1, >= 1.2.2)
      eventmachine (~> 1.0, = 1.0.7)
      json_pure (~> 1.8, >= 1.8.1)
      thin (~> 1.6, >= 1.6.3)
    rack (2.2.3)
    steno (1.2.4)
      fluent-logger
      yajl-ruby (~> 1.0)
    thin (1.7.2)
      daemons (~> 1.0, >= 1.0.9)
      eventmachine (~> 1.0, >= 1.0.4)
      rack (>= 1, < 3)
    vcap-concurrency (0.1.0)
    yajl-ruby (1.4.1)

PLATFORMS
  ruby

DEPENDENCIES
  cf-registrar (~> 1.0.1)
